GEM
  remote: https://rubygems.org/
  specs:
    RedCloth (4.2.9)
    SystemTimer (1.2.3)
    actionmailer (2.3.11)
      actionpack (= 2.3.11)
    actionpack (2.3.11)
      activesupport (= 2.3.11)
      rack (~> 1.1.0)
    activerecord (2.3.11)
      activesupport (= 2.3.11)
    activeresource (2.3.11)
      activesupport (= 2.3.11)
    activesupport (2.3.11)
    addressable (2.2.8)
    akami (1.2.0)
      gyoku (>= 0.4.0)
      nokogiri (>= 1.4.0)
    arel (3.0.2)
    atomic (1.1.10)
    backports (3.8.0)
    builder (3.0.3)
    capybara (1.1.3)
      mime-types (>= 1.16)
      nokogiri (>= 1.3.3)
      rack (>= 1.0.0)
      rack-test (>= 0.5.4)
      selenium-webdriver (~> 2.0)
      xpath (~> 0.1.4)
    childprocess (0.3.2)
      ffi (~> 1.0.6)
    cocaine (0.3.0)
    colorize (0.6.0)
    compass (0.10.6)
      haml (>= 3.0.4)
    delocalize (0.2.6)
    equivalent-xml (0.3.0)
      nokogiri (>= 1.4.3)
    factory_girl (2.3.2)
      activesupport
    ffi (1.0.11)
    gyoku (0.4.6)
      builder (>= 2.1.2)
    haml (3.0.25)
    httpi (1.1.1)
      rack
    i18n (0.6.4)
    json (1.5.5)
    kramdown (1.1.0)
    libwebsocket (0.1.3)
      addressable
    linecache (0.46)
      rbx-require-relative (> 0.0.4)
    mime-types (1.19)
    mini_portile (0.5.0)
    minitest (4.7.5)
    multi_json (1.3.6)
    mysql (2.8.1)
    nokogiri (1.5.5)
    nori (1.1.3)
    rack (1.1.0)
    rack-protection (1.2.0)
      rack
    rack-test (0.6.2)
      rack (>= 1.0)
    rails (2.3.11)
      actionmailer (= 2.3.11)
      actionpack (= 2.3.11)
      activerecord (= 2.3.11)
      activeresource (= 2.3.11)
      activesupport (= 2.3.11)
      rake (>= 0.8.3)
    rake (0.8.7)
    rbx-require-relative (0.0.9)
    rdoc (3.12)
      json (~> 1.4)
    redcarpet (2.3.0)
    redis (2.2.2)
    redis-namespace (1.0.3)
      redis (< 3.0.0)
    resque (1.17.1)
      json (>= 1.4.6, < 1.6)
      redis-namespace (~> 1.0.2)
      sinatra (>= 0.9.2)
      vegas (~> 0.1.2)
    rmagick (2.16.0)
    ruby-debug-base (0.10.4)
      linecache (>= 0.3)
    ruby-debug-ide (0.4.9)
      rake (>= 0.8.1)
    ruby-filemagic (0.4.2)
    ruby-graphviz (1.0.9)
    rubygems-update (1.6.2)
    rubyzip (0.9.9)
    savon (1.2.0)
      akami (~> 1.2.0)
      builder (>= 2.1.2)
      gyoku (~> 0.4.5)
      httpi (~> 1.1.0)
      nokogiri (>= 1.4.0)
      nori (~> 1.1.0)
      wasabi (~> 2.5.0)
    selenium-webdriver (2.24.0)
      childprocess (>= 0.2.5)
      libwebsocket (~> 0.1.3)
      multi_json (~> 1.0)
      rubyzip
    sinatra (1.2.9)
      backports
      rack (~> 1.1, < 1.5)
      tilt (>= 1.2.2, < 2.0)
    sqlite3 (1.3.6)
    state_machine (1.2.0)
    thread_safe (0.1.0)
      atomic
    tilt (1.3.3)
    timecop (0.5.2)
    tzinfo (0.3.37)
    unicode (0.4.2)
    uuidtools (2.1.3)
    vegas (0.1.11)
      rack (>= 1.0.0)
    wasabi (2.5.1)
      httpi (~> 1.0)
      nokogiri (>= 1.4.0)
    watir-webdriver (0.6.1)
      selenium-webdriver (>= 2.18.0)
    websocket (1.0.7)
    will_paginate (2.3.16)
    xpath (0.1.4)
      nokogiri (~> 1.3)

PLATFORMS
  ruby

DEPENDENCIES
  RedCloth (= 4.2.9)
  SystemTimer (= 1.2.3)
  addressable (= 2.2.8)
  akami (= 1.2.0)
  arel (= 3.0.2)
  atomic (= 1.1.10)
  builder (= 3.0.3)
  capybara (= 1.1.3)
  childprocess (= 0.3.2)
  cocaine (= 0.3.0)
  colorize (= 0.6.0)
  compass (= 0.10.6)
  delocalize (= 0.2.6)
  equivalent-xml (= 0.3.0)
  factory_girl (= 2.3.2)
  ffi (= 1.0.11)
  gyoku (= 0.4.6)
  haml (= 3.0.25)
  httpi (= 1.1.1)
  i18n (= 0.6.4)
  kramdown (= 1.1.0)
  libwebsocket (= 0.1.3)
  linecache (= 0.46)
  mime-types (= 1.19)
  mini_portile (= 0.5.0)
  minitest (= 4.7.5)
  multi_json (= 1.3.6)
  mysql (= 2.8.1)
  nokogiri (= 1.5.5)
  nori (= 1.1.3)
  rack (= 1.1.0)
  rack-protection (= 1.2.0)
  rack-test (= 0.6.2)
  rails (= 2.3.11)
  rake (= 0.8.7)
  rbx-require-relative (= 0.0.9)
  rdoc (= 3.12)
  redcarpet (= 2.3.0)
  redis (= 2.2.2)
  redis-namespace (= 1.0.3)
  resque (= 1.17.1)
  rmagick (~> 2.16)
  ruby-debug-base (= 0.10.4)
  ruby-debug-ide (= 0.4.9)
  ruby-filemagic (= 0.4.2)
  ruby-graphviz (= 1.0.9)
  rubygems-update (= 1.6.2)
  rubyzip (= 0.9.9)
  savon (= 1.2.0)
  selenium-webdriver (= 2.24.0)
  sinatra (= 1.2.9)
  sqlite3 (= 1.3.6)
  state_machine (= 1.2.0)
  thread_safe (= 0.1.0)
  tilt (= 1.3.3)
  timecop (= 0.5.2)
  tzinfo (= 0.3.37)
  unicode (= 0.4.2)
  uuidtools (= 2.1.3)
  vegas (= 0.1.11)
  wasabi (= 2.5.1)
  watir-webdriver (= 0.6.1)
  websocket (= 1.0.7)
  will_paginate (= 2.3.16)
  xpath (= 0.1.4)

BUNDLED WITH
   1.15.1
